PATH
  remote: .
  specs:
    em-ripple (0.0.1alpha)
      em-websocket-client

GEM
  remote: https://rubygems.org/
  specs:
    addressable (2.3.5)
    diff-lcs (1.2.4)
    em-websocket-client (0.1.1)
      eventmachine
      libwebsocket
    eventmachine (1.0.3)
    libwebsocket (0.1.8)
      addressable
      websocket
    rake (10.1.0)
    rspec (2.14.1)
      rspec-core (~> 2.14.0)
      rspec-expectations (~> 2.14.0)
      rspec-mocks (~> 2.14.0)
    rspec-core (2.14.5)
    rspec-expectations (2.14.2)
      diff-lcs (>= 1.1.3, < 2.0)
    rspec-mocks (2.14.3)
    websocket (1.1.1)
    yard (0.8.7)

PLATFORMS
  ruby

DEPENDENCIES
  em-ripple!
  rake
  rspec
  yard
